GEM
  remote: http://rubygems.org/
  specs:
    builder (3.0.0)
    daemons (1.1.4)
    excon (0.6.6)
    fog (0.11.0)
      builder
      excon (~> 0.6.5)
      formatador (~> 0.2.0)
      mime-types
      multi_json (~> 1.0.3)
      net-scp (~> 1.0.4)
      net-ssh (~> 2.1.4)
      nokogiri (~> 1.5.0)
      ruby-hmac
    formatador (0.2.1)
    json (1.6.0)
    mime-types (1.16)
    multi_json (1.0.3)
    net-scp (1.0.4)
      net-ssh (>= 1.99.1)
    net-ssh (2.1.4)
    nokogiri (1.5.0)
    pg (0.11.0)
    redis (2.2.2)
    remote_syslog_logger (1.0.3)
      syslog_protocol
    ruby-hmac (0.4.0)
    syslog_protocol (0.9.1)

PLATFORMS
  ruby

DEPENDENCIES
  daemons
  fog
  json
  pg
  redis
  remote_syslog_logger
